GEM
  remote: http://rubygems.org/
  remote: http://gems.rubyforge.org/
  specs:
    builder (3.0.0)
    cucumber (1.0.2)
      builder (>= 2.1.2)
      diff-lcs (>= 1.1.2)
      gherkin (~> 2.4.5)
      json (>= 1.4.6)
      term-ansicolor (>= 1.0.5)
    diff-lcs (1.1.3)
    gherkin (2.4.16-x86-mingw32)
      json (>= 1.4.6)
    json (1.5.4)
    macaddr (1.4.0)
      systemu (~> 2.2.0)
    rspec-expectations (2.6.0)
      diff-lcs (~> 1.1.2)
    systemu (2.2.0)
    term-ansicolor (1.0.6)
    uuid (2.3.3)
      macaddr (~> 1.0)

PLATFORMS
  x86-mingw32

DEPENDENCIES
  cucumber
  rspec-expectations (~> 2.6.0)
  uuid
