GEM
  remote: http://rubygems.org/
  remote: http://gems.rubyforge.org/
  remote: http://rumba.ci.dev.pearsoncmg.com/gem-proxy/
  specs:
    akami (1.0.0)
      gyoku (>= 0.4.0)
    atdd-common (12.6.4.20120302121658)
      contractrepository (>= 12.6.4)
      savon (~> 0.9.1)
    builder (3.0.0)
    contractrepository (12.6.4.20120305132231)
      rubyjedi-soap4r (~> 1.5.8.20100619003610)
    cucumber (1.1.9)
      builder (>= 2.1.2)
      diff-lcs (>= 1.1.2)
      gherkin (~> 2.9.0)
      json (>= 1.4.6)
      term-ansicolor (>= 1.0.6)
    diff-lcs (1.1.3)
    gherkin (2.9.0-x86-mingw32)
      json (>= 1.4.6)
    gyoku (0.4.4)
      builder (>= 2.1.2)
    httpclient (2.1.5.2)
    httpi (0.9.6)
      rack
    json (1.6.5)
    macaddr (1.5.0)
      systemu (>= 2.4.0)
    nokogiri (1.5.0-x86-mingw32)
    nori (1.1.0)
    rack (1.4.1)
    rspec-expectations (2.6.0)
      diff-lcs (~> 1.1.2)
    rubyjedi-soap4r (1.5.8.20100619003610)
      httpclient (~> 2.1.5.2)
    savon (0.9.9)
      akami (~> 1.0)
      builder (>= 2.1.2)
      gyoku (>= 0.4.0)
      httpi (~> 0.9)
      nokogiri (>= 1.4.0)
      nori (~> 1.1)
      wasabi (~> 2.1)
    systemu (2.4.2)
    term-ansicolor (1.0.7)
    uuid (2.3.5)
      macaddr (~> 1.0)
    wasabi (2.1.0)
      nokogiri (>= 1.4.0)

PLATFORMS
  x86-mingw32

DEPENDENCIES
  atdd-common (>= 12.6.4.20120301141050)
  cucumber
  rspec-expectations (~> 2.6.0)
  uuid
