GEM
  remote: http://rubygems.org/
  remote: http://gems.rubyforge.org/
  remote: http://rumba.ci.dev.pearsoncmg.com/gem-proxy/
  specs:
    akami (1.0.0)
      gyoku (>= 0.4.0)
    atdd-common (3.0.25)
      contractrepository (= 3.0.25)
      savon (~> 0.9.1)
    builder (3.0.0)
    contractrepository (3.0.25)
      rubyjedi-soap4r (~> 1.5.8.20100619003610)
    cucumber (1.0.2)
      builder (>= 2.1.2)
      diff-lcs (>= 1.1.2)
      gherkin (~> 2.4.5)
      json (>= 1.4.6)
      term-ansicolor (>= 1.0.5)
    diff-lcs (1.1.3)
    gherkin (2.4.16-x86-mingw32)
      json (>= 1.4.6)
    gyoku (0.4.4)
      builder (>= 2.1.2)
    httpclient (2.1.5.2)
    httpi (0.9.5)
      rack
    json (1.5.4)
    macaddr (1.4.0)
      systemu (~> 2.2.0)
    nokogiri (1.5.0-x86-mingw32)
    nori (1.0.2)
    rack (1.3.3)
    rspec-expectations (2.6.0)
      diff-lcs (~> 1.1.2)
    rubyjedi-soap4r (1.5.8.20100619003610)
      httpclient (~> 2.1.5.2)
    savon (0.9.7)
      akami (~> 1.0)
      builder (>= 2.1.2)
      gyoku (>= 0.4.0)
      httpi (~> 0.9)
      nokogiri (>= 1.4.0)
      nori (~> 1.0)
      wasabi (~> 2.0)
    systemu (2.2.0)
    term-ansicolor (1.0.6)
    uuid (2.3.3)
      macaddr (~> 1.0)
    wasabi (2.0.0)
      nokogiri (>= 1.4.0)

PLATFORMS
  x86-mingw32

DEPENDENCIES
  atdd-common
  contractrepository
  cucumber
  rspec-expectations (~> 2.6.0)
  uuid
